PATH
  remote: .
  specs:
    minitest-reporters-llm (0.1.0)
      minitest (>= 5.25)
      minitest-reporters (>= 1.7.1)

GEM
  remote: https://rubygems.org/
  specs:
    ansi (1.5.0)
    builder (3.3.0)
    minitest (5.25.5)
    minitest-reporters (1.7.1)
      ansi
      builder
      minitest (>= 5.0)
      ruby-progressbar
    rake (13.3.0)
    ruby-progressbar (1.13.0)

PLATFORMS
  arm64-darwin-24
  ruby

DEPENDENCIES
  bundler (~> 2.5)
  minitest-reporters-llm!
  rake (~> 13.0)

RUBY VERSION
   ruby 3.4.5p51

BUNDLED WITH
   2.6.9
